GEM
  remote: https://rubygems.org/
  specs:
    artii (2.1.2)
    clipboard (2.0.0)
    daemons (1.4.1)
    eventmachine (1.2.7)
    mustermann (3.0.3)
      ruby2_keywords (~> 0.0.1)
    rack (2.2.16)
    rack-protection (3.0.6)
      rack
    ruby2_keywords (0.0.5)
    ruby2d (0.12.1)
    sinatra (3.0.6)
      mustermann (~> 3.0)
      rack (~> 2.2, >= 2.2.4)
      rack-protection (= 3.0.6)
      tilt (~> 2.0)
    thin (1.8.2)
      daemons (~> 1.0, >= 1.0.9)
      eventmachine (~> 1.0, >= 1.0.4)
      rack (>= 1, < 3)
    tilt (2.6.0)
    webrick (1.9.1)

PLATFORMS
  x64-mingw-ucrt

DEPENDENCIES
  artii
  clipboard
  ruby2d
  sinatra (~> 3.0.0)
  thin (~> 1.8.0)
  webrick

BUNDLED WITH
   2.6.9
